GEM
  remote: http://rubygems.org/
  specs:
    haml (3.1.1)
    json (1.5.1-java)
    rack (1.3.0)
    rack-accept (0.4.4)
      rack (>= 0.4)
    rack-flash (0.1.1)
      rack
    sass (3.1.2)
    sinatra (1.2.6)
      rack (~> 1.1)
      tilt (>= 1.2.2, < 2.0)
    tilt (1.3.2)
    tobias-jmx (0.8)
    tobias-sinatra-url-for (0.2.1)
      sinatra (>= 0.9.1.1)
    torquebox (1.0.1)
      torquebox-base (= 1.0.1)
      torquebox-messaging (= 1.0.1)
      torquebox-naming (= 1.0.1)
      torquebox-rake-support (= 1.0.1)
      torquebox-vfs (= 1.0.1)
      torquebox-web (= 1.0.1)
    torquebox-base (1.0.1-java)
    torquebox-messaging (1.0.1-java)
      torquebox-base (= 1.0.1)
      torquebox-naming (= 1.0.1)
    torquebox-naming (1.0.1-java)
    torquebox-rake-support (1.0.1)
    torquebox-vfs (1.0.1-java)
    torquebox-web (1.0.1-java)

PLATFORMS
  java

DEPENDENCIES
  haml (~> 3.0)
  json (= 1.5.1)
  rack-accept (~> 0.4.0)
  rack-flash (= 0.1.1)
  sass (~> 3.0)
  sinatra (= 1.2.6)
  tobias-jmx (= 0.8)
  tobias-sinatra-url-for (= 0.2.1)
  torquebox (= 1.0.1)
