GEM
  remote: http://rubygems.org/
  specs:
    backports (1.18.2)
    haml (3.0.25)
    json (1.5.1-java)
    monkey-lib (0.5.4)
      backports
    rack (1.2.1)
    rack-flash (0.1.1)
      rack
    sinatra (1.1.2)
      rack (~> 1.1)
      tilt (~> 1.2)
    sinatra-advanced-routes (0.5.1)
      monkey-lib (~> 0.5.0)
      sinatra (~> 1.0)
      sinatra-sugar (~> 0.5.0)
    sinatra-reloader (0.5.0)
      sinatra (~> 1.0)
      sinatra-advanced-routes (~> 0.5.0)
    sinatra-sugar (0.5.0)
      monkey-lib (~> 0.5.0)
      sinatra (~> 1.0)
    tilt (1.2.2)
    tobias-jmxjr (0.4)
    watchr (0.7)

PLATFORMS
  java

DEPENDENCIES
  haml (~> 3.0)
  json
  rack-flash
  sinatra (= 1.1.2)
  sinatra-reloader (= 0.5.0)
  tobias-jmxjr (= 0.4)
  watchr
