GEM
  remote: http://rubygems.org/
  specs:
    backports (1.18.2)
    haml (3.0.25)
    jmx4r (0.1.3)
    monkey-lib (0.5.4)
      backports
    rack (1.2.1)
    rack-flash (0.1.1)
      rack
    sinatra (1.1.2)
      rack (~> 1.1)
      tilt (~> 1.2)
    sinatra-advanced-routes (0.5.1)
      monkey-lib (~> 0.5.0)
      sinatra (~> 1.0)
      sinatra-sugar (~> 0.5.0)
    sinatra-reloader (0.5.0)
      sinatra (~> 1.0)
      sinatra-advanced-routes (~> 0.5.0)
    sinatra-sugar (0.5.0)
      monkey-lib (~> 0.5.0)
      sinatra (~> 1.0)
    tilt (1.2.2)

PLATFORMS
  java

DEPENDENCIES
  haml (~> 3.0)
  jmx4r
  rack-flash (= 0.1.1)
  sinatra (= 1.1.2)
  sinatra-reloader (= 0.5.0)
