GEM
  remote: http://rubygems.org/
  specs:
    diff-lcs (1.1.2)
    git (1.2.5)
    haml (3.0.25)
    jeweler (1.5.2)
      bundler (~> 1.0.0)
      git (>= 1.2.5)
      rake
    jmx (0.7)
    json (1.5.1-java)
    rack (1.2.2)
    rack-accept (0.4.3)
      rack (>= 0.4)
    rack-flash (0.1.1)
      rack
    rack-test (0.5.7)
      rack (>= 1.0)
    rake (0.8.7)
    rspec (2.5.0)
      rspec-core (~> 2.5.0)
      rspec-expectations (~> 2.5.0)
      rspec-mocks (~> 2.5.0)
    rspec-core (2.5.1)
    rspec-expectations (2.5.0)
      diff-lcs (~> 1.1.2)
    rspec-mocks (2.5.0)
    sinatra (1.1.2)
      rack (~> 1.1)
      tilt (~> 1.2)
    thor (0.14.6)
    tilt (1.2.2)
    tobias-sinatra-url-for (0.2.1)
      sinatra (>= 0.9.1.1)
    torquebox (1.0.0.CR1)
      torquebox-base (= 1.0.0.CR1)
      torquebox-messaging (= 1.0.0.CR1)
      torquebox-naming (= 1.0.0.CR1)
      torquebox-rake-support (= 1.0.0.CR1)
      torquebox-vfs (= 1.0.0.CR1)
      torquebox-web (= 1.0.0.CR1)
    torquebox-base (1.0.0.CR1-java)
    torquebox-messaging (1.0.0.CR1-java)
      torquebox-base (= 1.0.0.CR1)
      torquebox-naming (= 1.0.0.CR1)
    torquebox-naming (1.0.0.CR1-java)
    torquebox-rake-support (1.0.0.CR1)
    torquebox-vfs (1.0.0.CR1-java)
    torquebox-web (1.0.0.CR1-java)
    watchr (0.7)

PLATFORMS
  java

DEPENDENCIES
  haml (~> 3.0)
  jeweler
  jmx (= 0.7)
  json
  rack-accept
  rack-flash
  rack-test
  rspec
  sinatra (= 1.1.2)
  thor
  tobias-sinatra-url-for
  torquebox (= 1.0.0.CR1)
  watchr
